GEM
  remote: https://rubygems.org/
  specs:
    CFPropertyList (2.3.5)
    addressable (2.5.0)
      public_suffix (~> 2.0, >= 2.0.2)
    aws-sdk-v1 (1.66.0)
      json (~> 1.4)
      nokogiri (>= 1.4.4)
    beaker (3.11.0)
      aws-sdk-v1 (~> 1.57)
      beaker-hiera (~> 0.0)
      beaker-hostgenerator
      docker-api
      fission (~> 0.4)
      fog (~> 1.38)
      google-api-client (~> 0.9)
      hocon (~> 1.0)
      in-parallel (~> 0.1)
      inifile (~> 2.0)
      minitar (~> 0.5.4)
      minitest (~> 5.4)
      net-scp (~> 1.2)
      net-ssh (~> 4.0)
      open_uri_redirections (~> 0.2.1)
      rake (~> 10.0)
      rbvmomi (~> 1.9)
      rsync (~> 1.0.9)
      stringify-hash (~> 0.0)
      thor (= 0.19.1)
      unf (~> 0.1)
    beaker-hiera (0.1.1)
      stringify-hash (~> 0.0.0)
    beaker-hostgenerator (0.8.3)
      deep_merge (~> 1.0)
      stringify-hash (~> 0.0.0)
    beaker-rspec (6.0.0)
      beaker (~> 3.0)
      rspec
      serverspec (~> 2)
      specinfra (~> 2)
    beaker_spec_helper (0.1.1)
      beaker (>= 2)
    builder (3.2.3)
    declarative (0.0.9)
    declarative-option (0.1.0)
    deep_merge (1.1.1)
    diff-lcs (1.3)
    docker-api (1.33.2)
      excon (>= 0.38.0)
      json
    excon (0.55.0)
    facter (2.4.6)
    facter (2.4.6-x64-mingw32)
      ffi (~> 1.9.5)
      win32-dir (~> 0.4.8)
      win32-security (~> 0.2.5)
    facterdb (0.3.9)
      facter
      jgrep
    faraday (0.11.0)
      multipart-post (>= 1.2, < 3)
    fast_gettext (1.1.0)
    ffi (1.9.17)
    ffi (1.9.17-x64-mingw32)
    fission (0.5.0)
      CFPropertyList (~> 2.2)
    fog (1.38.0)
      fog-aliyun (>= 0.1.0)
      fog-atmos
      fog-aws (>= 0.6.0)
      fog-brightbox (~> 0.4)
      fog-cloudatcost (~> 0.1.0)
      fog-core (~> 1.32)
      fog-dynect (~> 0.0.2)
      fog-ecloud (~> 0.1)
      fog-google (<= 0.1.0)
      fog-json
      fog-local
      fog-openstack
      fog-powerdns (>= 0.1.1)
      fog-profitbricks
      fog-rackspace
      fog-radosgw (>= 0.0.2)
      fog-riakcs
      fog-sakuracloud (>= 0.0.4)
      fog-serverlove
      fog-softlayer
      fog-storm_on_demand
      fog-terremark
      fog-vmfusion
      fog-voxel
      fog-vsphere (>= 0.4.0)
      fog-xenserver
      fog-xml (~> 0.1.1)
      ipaddress (~> 0.5)
    fog-aliyun (0.1.0)
      fog-core (~> 1.27)
      fog-json (~> 1.0)
      ipaddress (~> 0.8)
      xml-simple (~> 1.1)
    fog-atmos (0.1.0)
      fog-core
      fog-xml
    fog-aws (1.2.0)
      fog-core (~> 1.38)
      fog-json (~> 1.0)
      fog-xml (~> 0.1)
      ipaddress (~> 0.8)
    fog-brightbox (0.11.0)
      fog-core (~> 1.22)
      fog-json
      inflecto (~> 0.0.2)
    fog-cloudatcost (0.1.2)
      fog-core (~> 1.36)
      fog-json (~> 1.0)
      fog-xml (~> 0.1)
      ipaddress (~> 0.8)
    fog-core (1.43.0)
      builder
      excon (~> 0.49)
      formatador (~> 0.2)
    fog-dynect (0.0.3)
      fog-core
      fog-json
      fog-xml
    fog-ecloud (0.3.0)
      fog-core
      fog-xml
    fog-google (0.1.0)
      fog-core
      fog-json
      fog-xml
    fog-json (1.0.2)
      fog-core (~> 1.0)
      multi_json (~> 1.10)
    fog-local (0.3.1)
      fog-core (~> 1.27)
    fog-openstack (0.1.19)
      fog-core (>= 1.40)
      fog-json (>= 1.0)
      ipaddress (>= 0.8)
    fog-powerdns (0.1.1)
      fog-core (~> 1.27)
      fog-json (~> 1.0)
      fog-xml (~> 0.1)
    fog-profitbricks (3.0.0)
      fog-core (~> 1.42)
      fog-json (~> 1.0)
    fog-rackspace (0.1.4)
      fog-core (>= 1.35)
      fog-json (>= 1.0)
      fog-xml (>= 0.1)
      ipaddress (>= 0.8)
    fog-radosgw (0.0.5)
      fog-core (>= 1.21.0)
      fog-json
      fog-xml (>= 0.0.1)
    fog-riakcs (0.1.0)
      fog-core
      fog-json
      fog-xml
    fog-sakuracloud (1.7.5)
      fog-core
      fog-json
    fog-serverlove (0.1.2)
      fog-core
      fog-json
    fog-softlayer (1.1.4)
      fog-core
      fog-json
    fog-storm_on_demand (0.1.1)
      fog-core
      fog-json
    fog-terremark (0.1.0)
      fog-core
      fog-xml
    fog-vmfusion (0.1.0)
      fission
      fog-core
    fog-voxel (0.1.0)
      fog-core
      fog-xml
    fog-vsphere (1.7.0)
      fog-core
      rbvmomi (~> 1.9)
    fog-xenserver (0.2.3)
      fog-core
      fog-xml
    fog-xml (0.1.2)
      fog-core
      nokogiri (~> 1.5, >= 1.5.11)
    formatador (0.2.5)
    gettext (3.2.2)
      locale (>= 2.0.5)
      text (>= 1.3.0)
    gettext-setup (0.13)
      fast_gettext (~> 1.1.0)
      gettext (>= 3.0.2)
      locale
    google-api-client (0.10.0)
      addressable (~> 2.3)
      googleauth (~> 0.5)
      httpclient (~> 2.7)
      hurley (~> 0.1)
      memoist (~> 0.11)
      mime-types (>= 1.6)
      representable (~> 3.0)
      retriable (>= 2.0, < 4.0)
    googleauth (0.5.1)
      faraday (~> 0.9)
      jwt (~> 1.4)
      logging (~> 2.0)
      memoist (~> 0.12)
      multi_json (~> 1.11)
      os (~> 0.9)
      signet (~> 0.7)
    hiera (3.2.2)
    hiera (3.2.2-x64-mingw32)
      win32-dir (~> 0.4.8)
    hocon (1.2.4)
    httpclient (2.8.3)
    hurley (0.2)
    in-parallel (0.1.17)
    inflecto (0.0.2)
    inifile (2.0.2)
    ipaddress (0.8.3)
    jgrep (1.4.1)
      json
    json (1.8.6)
    json_pure (1.8.6)
    jwt (1.5.6)
    little-plugger (1.1.4)
    locale (2.1.2)
    logging (2.1.0)
      little-plugger (~> 1.1)
      multi_json (~> 1.10)
    mcollective-client (2.9.1)
      json
      stomp
      systemu
    memoist (0.15.0)
    metaclass (0.0.4)
    metadata-json-lint (1.0.0)
      json
      semantic_puppet (>= 0.1.2, < 2.0.0)
      spdx-licenses (~> 1.0)
    mime-types (3.1)
      mime-types-data (~> 3.2015)
    mime-types-data (3.2016.0521)
    mini_portile2 (2.1.0)
    minitar (0.5.4)
    minitest (5.10.1)
    mocha (1.2.1)
      metaclass (~> 0.0.1)
    multi_json (1.12.1)
    multipart-post (2.0.0)
    net-scp (1.2.1)
      net-ssh (>= 2.6.5)
    net-ssh (4.1.0)
    net-telnet (0.1.1)
    nokogiri (1.7.0.1)
      mini_portile2 (~> 2.1.0)
    nokogiri (1.7.0.1-x64-mingw32)
      mini_portile2 (~> 2.1.0)
    open_uri_redirections (0.2.1)
    os (0.9.6)
    public_suffix (2.0.5)
    puppet (4.9.2)
      facter (> 2.0, < 4)
      gettext-setup (>= 0.10, < 1)
      hiera (>= 2.0, < 4)
      json_pure (~> 1.8)
      locale (~> 2.1)
    puppet (4.9.2-x64-mingw32)
      facter (> 2.0, < 4)
      ffi (~> 1.9.6)
      gettext-setup (>= 0.10, < 1)
      hiera (>= 2.0, < 4)
      json_pure (~> 1.8)
      locale (~> 2.1)
      minitar (~> 0.5.4)
      win32-dir (= 0.4.9)
      win32-eventlog (= 0.6.5)
      win32-process (= 0.7.5)
      win32-security (= 0.2.5)
      win32-service (= 0.8.8)
    puppet-lint (2.1.1)
    puppet-lint-absolute_classname-check (0.2.4)
      puppet-lint (>= 1.0, < 3.0)
    puppet-lint-alias-check (0.1.1)
      puppet-lint (>= 1.0)
    puppet-lint-empty_string-check (0.2.2)
      puppet-lint (>= 1.0, < 3.0)
    puppet-lint-file_ensure-check (0.3.1)
      puppet-lint (>= 1.0, < 3.0)
    puppet-lint-file_source_rights-check (0.1.1)
      puppet-lint (>= 1.0, < 3.0)
    puppet-lint-leading_zero-check (0.1.1)
      puppet-lint (>= 1.0, < 3.0)
    puppet-lint-spaceship_operator_without_tag-check (0.1.1)
      puppet-lint (>= 1.0, < 3.0)
    puppet-lint-trailing_comma-check (0.3.2)
      puppet-lint (>= 1.0, < 3.0)
    puppet-lint-undef_in_function-check (0.2.1)
      puppet-lint (>= 1.0, < 3.0)
    puppet-lint-unquoted_string-check (0.3.0)
      puppet-lint (>= 1.0, < 3.0)
    puppet-lint-version_comparison-check (0.2.1)
      puppet-lint (>= 1.0, < 3.0)
    puppet-syntax (2.3.0)
      rake
    puppetlabs_spec_helper (2.0.1)
      mocha (~> 1.0)
      puppet-lint (~> 2.0)
      puppet-syntax (~> 2.0)
      rspec-puppet (~> 2.0)
    rake (10.5.0)
    rbvmomi (1.9.4)
      builder (~> 3.2)
      json (>= 1.8)
      nokogiri (~> 1.5)
      trollop (~> 2.1)
    representable (3.0.3)
      declarative (< 0.1.0)
      declarative-option (< 0.2.0)
      uber (< 0.2.0)
    retriable (3.0.1)
    rspec (3.5.0)
      rspec-core (~> 3.5.0)
      rspec-expectations (~> 3.5.0)
      rspec-mocks (~> 3.5.0)
    rspec-core (3.5.4)
      rspec-support (~> 3.5.0)
    rspec-expectations (3.5.0)
      diff-lcs (>= 1.2.0, < 2.0)
      rspec-support (~> 3.5.0)
    rspec-its (1.2.0)
      rspec-core (>= 3.0.0)
      rspec-expectations (>= 3.0.0)
    rspec-mocks (3.5.0)
      diff-lcs (>= 1.2.0, < 2.0)
      rspec-support (~> 3.5.0)
    rspec-puppet (2.5.0)
      rspec
    rspec-puppet-facts (1.7.1)
      facter
      facterdb (>= 0.3.0)
      json
      mcollective-client
      puppet
    rspec-support (3.5.0)
    rsync (1.0.9)
    semantic_puppet (0.1.4)
      gettext-setup (>= 0.3)
    serverspec (2.38.0)
      multi_json
      rspec (~> 3.0)
      rspec-its
      specinfra (~> 2.53)
    sfl (2.3)
    signet (0.7.3)
      addressable (~> 2.3)
      faraday (~> 0.9)
      jwt (~> 1.5)
      multi_json (~> 1.10)
    spdx-licenses (1.1.0)
    specinfra (2.67.1)
      net-scp
      net-ssh (>= 2.7, < 5.0)
      net-telnet
      sfl
    stomp (1.4.3)
    stringify-hash (0.0.2)
    systemu (2.6.5)
    text (1.3.1)
    thor (0.19.1)
    trollop (2.1.2)
    uber (0.1.0)
    unf (0.1.4)
      unf_ext
    unf_ext (0.0.7.2)
    unf_ext (0.0.7.2-x64-mingw32)
    win32-dir (0.4.9)
      ffi (>= 1.0.0)
    win32-eventlog (0.6.5)
      ffi
    win32-process (0.7.5)
      ffi (>= 1.0.0)
    win32-security (0.2.5)
      ffi
    win32-service (0.8.8)
      ffi
    xml-simple (1.1.5)

PLATFORMS
  ruby
  x64-mingw32

DEPENDENCIES
  beaker
  beaker-rspec (> 5)
  beaker_spec_helper
  json_pure (< 2.0.2)
  metadata-json-lint
  puppet
  puppet-lint
  puppet-lint-absolute_classname-check
  puppet-lint-alias-check
  puppet-lint-empty_string-check
  puppet-lint-file_ensure-check
  puppet-lint-file_source_rights-check
  puppet-lint-leading_zero-check
  puppet-lint-spaceship_operator_without_tag-check
  puppet-lint-trailing_comma-check
  puppet-lint-undef_in_function-check
  puppet-lint-unquoted_string-check
  puppet-lint-version_comparison-check
  puppetlabs_spec_helper
  rake
  rspec
  rspec-puppet
  rspec-puppet-facts
  serverspec
  specinfra

BUNDLED WITH
   1.16.1
